GEM
  remote: https://rubygems.org/
  specs:
    curb (0.8.3)
    json (1.7.6)

PLATFORMS
  ruby

DEPENDENCIES
  curb (~> 0.8.3)
  json (~> 1.7.6)
